GEM
  remote: https://rubygems.org/
  specs:
    ast (2.4.0)
    codecov (0.1.14)
      json
      simplecov
      url
    concurrent-ruby (1.1.5)
    docile (1.3.1)
    hike (1.2.3)
    jaro_winkler (1.5.2)
    json (2.2.0)
    opal (0.10.6)
      hike (~> 1.2)
      sourcemap (~> 0.1.0)
      sprockets (~> 3.1)
      tilt (>= 1.4)
    parallel (1.14.0)
    parser (2.6.0.0)
      ast (~> 2.4.0)
    power_assert (1.1.3)
    powerpack (0.1.2)
    proton (0.1.0)
      opal (~> 0.10.3)
    psych (3.1.0-x64-mingw32)
    rack (2.0.6)
    rainbow (3.0.0)
    rake (12.3.2)
    rubocop (0.65.0)
      jaro_winkler (~> 1.5.1)
      parallel (~> 1.10)
      parser (>= 2.5, != 2.5.1.1)
      powerpack (~> 0.1)
      psych (>= 3.1.0)
      rainbow (>= 2.2.2, < 4.0)
      ruby-progressbar (~> 1.7)
      unicode-display_width (~> 1.4.0)
    ruby-progressbar (1.10.0)
    simplecov (0.16.1)
      docile (~> 1.1)
      json (>= 1.8, < 3)
      simplecov-html (~> 0.10.0)
    simplecov-html (0.10.2)
    sourcemap (0.1.1)
    sprockets (3.7.2)
      concurrent-ruby (~> 1.0)
      rack (> 1, < 3)
    test-unit (3.3.0)
      power_assert
    tilt (2.0.9)
    unicode-display_width (1.4.1)
    url (0.3.2)

PLATFORMS
  x64-mingw32

DEPENDENCIES
  codecov
  opal
  proton
  rake
  rubocop
  simplecov
  test-unit

RUBY VERSION
   ruby 2.5.3p105

BUNDLED WITH
   2.0.1
